GEM
  remote: http://rubygems.org/
  specs:
    Ascii85 (1.0.0)
    abstract (1.0.0)
    actionmailer (3.0.7)
      actionpack (= 3.0.7)
      mail (~> 2.2.15)
    actionpack (3.0.7)
      activemodel (= 3.0.7)
      activesupport (= 3.0.7)
      builder (~> 2.1.2)
      erubis (~> 2.6.6)
      i18n (~> 0.5.0)
      rack (~> 1.2.1)
      rack-mount (~> 0.6.14)
      rack-test (~> 0.5.7)
      tzinfo (~> 0.3.23)
    activeadmin (0.2.1)
      devise (>= 1.1.2)
      formtastic (>= 1.1.0)
      haml (>= 3.0.18)
      inherited_views
      meta_search (>= 0.9.2)
      rails (>= 3.0.0)
      will_paginate (>= 3.0.pre2)
    activemodel (3.0.7)
      activesupport (= 3.0.7)
      builder (~> 2.1.2)
      i18n (~> 0.5.0)
    activerecord (3.0.7)
      activemodel (= 3.0.7)
      activesupport (= 3.0.7)
      arel (~> 2.0.2)
      tzinfo (~> 0.3.23)
    activerecord-sqlserver-adapter (3.0.15)
      activerecord (~> 3.0.3)
      arel (~> 2.0.7)
    activeresource (3.0.7)
      activemodel (= 3.0.7)
      activesupport (= 3.0.7)
    activesupport (3.0.7)
    admin_data (1.1.11)
      will_paginate (>= 3.0.pre2)
    arel (2.0.9)
    bcrypt-ruby (2.1.4)
    builder (2.1.2)
    daemons (1.1.3)
    delayed_job (2.1.4)
      activesupport (~> 3.0)
      daemons
    devise (1.3.4)
      bcrypt-ruby (~> 2.1.2)
      orm_adapter (~> 0.0.3)
      warden (~> 1.0.3)
    erubis (2.6.6)
      abstract (>= 1.0.0)
    excelsior (0.1.0)
    formtastic (1.2.3)
      actionpack (>= 2.3.7)
      activesupport (>= 2.3.7)
      i18n (~> 0.4)
    haml (3.1.1)
    has_scope (0.5.0)
    i18n (0.5.0)
    inherited_resources (1.2.2)
      has_scope (~> 0.5.0)
      responders (~> 0.6.0)
    inherited_views (0.0.2)
      formtastic (>= 0.9.8)
      inherited_resources (>= 1.0.6)
      will_paginate (>= 2.3.12)
    jquery-rails (1.0)
      rails (~> 3.0)
      thor (~> 0.14)
    kaminari (0.12.4)
      rails (>= 3.0.0)
    mail (2.2.19)
      activesupport (>= 2.3.6)
      i18n (>= 0.4.0)
      mime-types (~> 1.16)
      treetop (~> 1.4.8)
    meta_search (1.0.5)
      actionpack (~> 3.0.2)
      activerecord (~> 3.0.2)
      activesupport (~> 3.0.2)
      arel (~> 2.0.2)
    mime-types (1.16)
    mysql2 (0.2.7)
    orm_adapter (0.0.4)
    paperclip (2.3.11)
      activerecord (>= 2.3.0)
      activesupport (>= 2.3.2)
    parseexcel (0.5.2)
    pdf-reader (0.9.2)
      Ascii85 (>= 0.9)
    pdfkit (0.5.0)
    polyglot (0.3.1)
    prawn (0.11.1)
      pdf-reader (>= 0.9.0)
      ttfunk (~> 1.0.0)
    rack (1.2.2)
    rack-mount (0.6.14)
      rack (>= 1.0.0)
    rack-test (0.5.7)
      rack (>= 1.0)
    rails (3.0.7)
      actionmailer (= 3.0.7)
      actionpack (= 3.0.7)
      activerecord (= 3.0.7)
      activeresource (= 3.0.7)
      activesupport (= 3.0.7)
      bundler (~> 1.0)
      railties (= 3.0.7)
    railties (3.0.7)
      actionpack (= 3.0.7)
      activesupport (= 3.0.7)
      rake (>= 0.8.7)
      thor (~> 0.14.4)
    rake (0.8.7)
    responders (0.6.4)
    rest-client (1.6.1)
      mime-types (>= 1.16)
    ruby-ole (1.2.11.1)
    rufus-scheduler (2.0.9)
      tzinfo (>= 0.3.23)
    spreadsheet (0.6.5.4)
      ruby-ole (>= 1.0)
    thor (0.14.6)
    treetop (1.4.9)
      polyglot (>= 0.3.1)
    ttfunk (1.0.1)
    tzinfo (0.3.27)
    warden (1.0.4)
      rack (>= 1.0)
    will_paginate (3.0.pre2)

PLATFORMS
  ruby

DEPENDENCIES
  activeadmin
  activerecord-sqlserver-adapter
  admin_data
  delayed_job
  devise
  excelsior
  haml
  jquery-rails
  kaminari
  mysql2
  paperclip
  parseexcel
  pdfkit
  prawn
  rails (= 3.0.7)
  rest-client
  ruby-ole
  rufus-scheduler
  spreadsheet
  will_paginate (~> 3.0.pre2)
