GEM
  remote: http://rubygems.org/
  specs:
    Ascii85 (1.0.1)
    aaronh-chronic (0.3.9)
    abstract (1.0.0)
    actionmailer (3.0.4)
      actionpack (= 3.0.4)
      mail (~> 2.2.15)
    actionpack (3.0.4)
      activemodel (= 3.0.4)
      activesupport (= 3.0.4)
      builder (~> 2.1.2)
      erubis (~> 2.6.6)
      i18n (~> 0.4)
      rack (~> 1.2.1)
      rack-mount (~> 0.6.13)
      rack-test (~> 0.5.7)
      tzinfo (~> 0.3.23)
    activemodel (3.0.4)
      activesupport (= 3.0.4)
      builder (~> 2.1.2)
      i18n (~> 0.4)
    activerecord (3.0.4)
      activemodel (= 3.0.4)
      activesupport (= 3.0.4)
      arel (~> 2.0.2)
      tzinfo (~> 0.3.23)
    activerecord-sqlserver-adapter (3.0.15)
      activerecord (~> 3.0.3)
      arel (~> 2.0.7)
    activeresource (3.0.4)
      activemodel (= 3.0.4)
      activesupport (= 3.0.4)
    activesupport (3.0.4)
    admin_data (1.1.13)
      will_paginate (= 3.0.pre2)
    arel (2.0.10)
    backup (3.0.16)
      thor (~> 0.14.6)
    bcrypt-ruby (2.1.4)
    builder (2.1.2)
    cocaine (0.1.0)
    daemons (1.1.4)
    delayed_job (2.1.4)
      activesupport (~> 3.0)
      daemons
    devise (1.1.7)
      bcrypt-ruby (~> 2.1.2)
      warden (~> 1.0.2)
    erubis (2.6.6)
      abstract (>= 1.0.0)
    excelsior (0.1.0)
    i18n (0.6.0)
    jquery-rails (1.0.12)
      railties (~> 3.0)
      thor (~> 0.14)
    mail (2.2.19)
      activesupport (>= 2.3.6)
      i18n (>= 0.4.0)
      mime-types (~> 1.16)
      treetop (~> 1.4.8)
    mime-types (1.16)
    mysql2 (0.2.6)
    paperclip (2.3.15)
      activerecord (>= 2.3.0)
      activesupport (>= 2.3.2)
      cocaine (>= 0.0.2)
      mime-types
    parseexcel (0.5.2)
    pdf-reader (0.10.0)
      Ascii85 (~> 1.0.0)
    pdfkit (0.5.2)
    polyglot (0.3.1)
    prawn (0.11.1)
      pdf-reader (>= 0.9.0)
      ttfunk (~> 1.0.0)
    rack (1.2.3)
    rack-mount (0.6.14)
      rack (>= 1.0.0)
    rack-test (0.5.7)
      rack (>= 1.0)
    rails (3.0.4)
      actionmailer (= 3.0.4)
      actionpack (= 3.0.4)
      activerecord (= 3.0.4)
      activeresource (= 3.0.4)
      activesupport (= 3.0.4)
      bundler (~> 1.0)
      railties (= 3.0.4)
    railties (3.0.4)
      actionpack (= 3.0.4)
      activesupport (= 3.0.4)
      rake (>= 0.8.7)
      thor (~> 0.14.4)
    rake (0.9.2)
    rest-client (1.6.3)
      mime-types (>= 1.16)
    ruby-ole (1.2.11.1)
    rufus-scheduler (2.0.10)
      tzinfo (>= 0.3.23)
    spreadsheet (0.6.5.5)
      ruby-ole (>= 1.0)
    thor (0.14.6)
    tiny_tds (0.4.5)
    treetop (1.4.9)
      polyglot (>= 0.3.1)
    ttfunk (1.0.1)
    tzinfo (0.3.29)
    warden (1.0.4)
      rack (>= 1.0)
    whenever (0.6.8)
      aaronh-chronic (>= 0.3.9)
      activesupport (>= 2.3.4)
    will_paginate (3.0.pre2)

PLATFORMS
  ruby

DEPENDENCIES
  activerecord-sqlserver-adapter
  admin_data
  backup
  delayed_job
  devise (= 1.1.7)
  excelsior
  jquery-rails
  mysql2 (= 0.2.6)
  paperclip
  parseexcel
  pdfkit
  prawn
  rails (= 3.0.4)
  rest-client
  ruby-ole
  rufus-scheduler
  spreadsheet
  tiny_tds (~> 0.4.5)
  whenever
  will_paginate (~> 3.0.pre2)
